PATH
  remote: .
  specs:
    compose-ecs (0.0.16)
      gli (~> 2.13.2)
      json (~> 1.8.3)

GEM
  remote: https://rubygems.org/
  specs:
    diff-lcs (1.2.5)
    gem-release (0.7.4)
    gli (2.13.4)
    json (1.8.3)
    rake (10.5.0)
    rspec (3.4.0)
      rspec-core (~> 3.4.0)
      rspec-expectations (~> 3.4.0)
      rspec-mocks (~> 3.4.0)
    rspec-core (3.4.4)
      rspec-support (~> 3.4.0)
    rspec-expectations (3.4.0)
      diff-lcs (>= 1.2.0, < 2.0)
      rspec-support (~> 3.4.0)
    rspec-mocks (3.4.1)
      diff-lcs (>= 1.2.0, < 2.0)
      rspec-support (~> 3.4.0)
    rspec-support (3.4.1)

PLATFORMS
  ruby

DEPENDENCIES
  compose-ecs!
  gem-release (~> 0.7.4)
  rake (~> 10.5.0)
  rspec (~> 3.4)

BUNDLED WITH
   1.11.2
